PATH
  remote: .
  specs:
    light_jwt (0.1.0)
      base64
      json (~> 2.9.1)
      openssl (~> 3.3.0)

GEM
  remote: https://rubygems.org/
  specs:
    addressable (2.8.7)
      public_suffix (>= 2.0.2, < 7.0)
    base64 (0.2.0)
    bigdecimal (3.1.9)
    crack (1.0.0)
      bigdecimal
      rexml
    hashdiff (1.1.2)
    json (2.9.1)
    openssl (3.3.0)
    public_suffix (6.0.1)
    rake (13.2.1)
    rexml (3.4.0)
    webmock (3.24.0)
      addressable (>= 2.8.0)
      crack (>= 0.3.2)
      hashdiff (>= 0.4.0, < 2.0.0)

PLATFORMS
  arm64-darwin-23
  ruby

DEPENDENCIES
  light_jwt!
  rake (~> 13.0)
  webmock

BUNDLED WITH
   2.5.23
